GEM
  remote: https://rubygems.org/
  specs:
    racc (1.5.1)

PLATFORMS
  ruby

DEPENDENCIES
  racc

BUNDLED WITH
   2.1.4
